GEM
  remote: https://rubygems.org/
  specs:
    nio4r (2.4.0)
    puma (4.1.0)
      nio4r (~> 2.0)
    rack (2.0.8)

PLATFORMS
  ruby

DEPENDENCIES
  puma
  rack

RUBY VERSION
   ruby 2.6.0p0

BUNDLED WITH
   1.17.3
